GIT
  remote: https://github.com/shabankarumba/arts_gallery_api
  revision: 05f08c8b5a33701b07b54e6e5256ceae9dd233f5
  specs:
    arts_gallery_api (0.0.1)
      httparty

GEM
  remote: http://rubygems.org/
  specs:
    coderay (1.1.0)
    diff-lcs (1.2.5)
    erubis (2.7.0)
    httparty (0.13.1)
      json (~> 1.8)
      multi_xml (>= 0.5.2)
    json (1.8.1)
    method_source (0.8.2)
    multi_xml (0.5.5)
    mustermann (1.1.1)
      ruby2_keywords (~> 0.0.1)
    pry (0.9.12.6)
      coderay (~> 1.0)
      method_source (~> 0.8)
      slop (~> 3.4)
    rack (2.2.3)
    rack-protection (2.2.0)
      rack
    rspec (2.14.1)
      rspec-core (~> 2.14.0)
      rspec-expectations (~> 2.14.0)
      rspec-mocks (~> 2.14.0)
    rspec-core (2.14.8)
    rspec-expectations (2.14.5)
      diff-lcs (>= 1.1.3, < 2.0)
    rspec-mocks (2.14.6)
    ruby2_keywords (0.0.5)
    shotgun (0.9)
      rack (>= 1.0)
    sinatra (2.2.0)
      mustermann (~> 1.0)
      rack (~> 2.2)
      rack-protection (= 2.2.0)
      tilt (~> 2.0)
    slop (3.5.0)
    tilt (2.0.10)

PLATFORMS
  ruby

DEPENDENCIES
  arts_gallery_api!
  erubis
  pry
  rspec
  shotgun
  sinatra
